GEM
  specs:
    byebug (11.0.1)

PLATFORMS
  ruby

DEPENDENCIES
  byebug

BUNDLED WITH
   2.0.2
